GEM
  remote: https://rubygems.org/
  specs:
    rack (1.5.2)
    rack-protection (1.4.0)
      rack
    shotgun (0.9)
      rack (>= 1.0)
    sinatra (1.3.5)
      rack (~> 1.4)
      rack-protection (~> 1.3)
      tilt (~> 1.3, >= 1.3.3)
    sinatra-logger (0.1.1)
      sinatra (>= 1.0)
    tilt (1.3.4)

PLATFORMS
  ruby

DEPENDENCIES
  shotgun
  sinatra
  sinatra-logger
